GEM
  remote: https://rubygems.org/
  specs:
    chronic (0.10.2)
    redcarpet (3.3.2)

PLATFORMS
  ruby

DEPENDENCIES
  chronic
  redcarpet

BUNDLED WITH
   1.10.6
